PATH
  remote: .
  specs:
    mongoid_money_field (4.0.7)
      monetize
      money (~> 6.1.0.beta1)
      mongoid (>= 3.0.0)

GEM
  remote: https://rubygems.org/
  specs:
    activemodel (3.2.19)
      activesupport (= 3.2.19)
      builder (~> 3.0.0)
    activesupport (3.2.19)
      i18n (~> 0.6, >= 0.6.4)
      multi_json (~> 1.0)
    builder (3.0.4)
    database_cleaner (1.3.0)
    diff-lcs (1.2.5)
    docile (1.1.5)
    i18n (0.6.11)
    json (1.8.1)
    monetize (0.3.0)
      money (~> 6.1.0.beta1)
    money (6.1.1)
      i18n (~> 0.6.4)
    mongoid (3.1.6)
      activemodel (~> 3.2)
      moped (~> 1.4)
      origin (~> 1.0)
      tzinfo (~> 0.3.29)
    mongoid-rspec (1.11.0)
      mongoid (~> 3.1.6)
      rake
      rspec (>= 2.14)
    moped (1.5.2)
    multi_json (1.10.1)
    origin (1.1.0)
    rake (10.3.2)
    rdoc (4.1.1)
      json (~> 1.4)
    rspec (3.0.0)
      rspec-core (~> 3.0.0)
      rspec-expectations (~> 3.0.0)
      rspec-mocks (~> 3.0.0)
    rspec-core (3.0.3)
      rspec-support (~> 3.0.0)
    rspec-expectations (3.0.3)
      diff-lcs (>= 1.2.0, < 2.0)
      rspec-support (~> 3.0.0)
    rspec-mocks (3.0.3)
      rspec-support (~> 3.0.0)
    rspec-support (3.0.3)
    simplecov (0.9.0)
      docile (~> 1.1.0)
      multi_json
      simplecov-html (~> 0.8.0)
    simplecov-html (0.8.0)
    tzinfo (0.3.40)

PLATFORMS
  ruby

DEPENDENCIES
  bundler
  database_cleaner
  mongoid-rspec
  mongoid_money_field!
  rake
  rdoc
  rspec
  simplecov
